GEM
  remote: https://rubygems.org/
  specs:
    dotenv (0.8.0)
    foreman (0.63.0)
      dotenv (>= 0.7)
      thor (>= 0.13.6)
    thor (0.19.4)

PLATFORMS
  ruby

DEPENDENCIES
  foreman (~> 0.63.0)
